PATH
  remote: .
  specs:
    stork (0.0.1)
      sinatra
      thin

GEM
  remote: https://rubygems.org/
  specs:
    daemons (1.1.9)
    docile (1.1.3)
    eventmachine (1.0.3)
    given_core (3.5.4)
      sorcerer (>= 0.3.7)
    minitest (4.7.5)
    minitest-debugger (1.0.1)
      minitest (~> 4.0)
    minitest-given (3.5.4)
      given_core (= 3.5.4)
      minitest (> 4.3)
    multi_json (1.9.2)
    rack (1.5.2)
    rack-protection (1.5.3)
      rack
    rack-test (0.6.2)
      rack (>= 1.0)
    rake (10.2.2)
    simplecov (0.8.2)
      docile (~> 1.1.0)
      multi_json
      simplecov-html (~> 0.8.0)
    simplecov-html (0.8.0)
    sinatra (1.4.5)
      rack (~> 1.4)
      rack-protection (~> 1.4)
      tilt (~> 1.3, >= 1.3.4)
    sorcerer (1.0.2)
    thin (1.6.2)
      daemons (>= 1.0.9)
      eventmachine (>= 1.0.0)
      rack (>= 1.0.0)
    tilt (1.4.1)

PLATFORMS
  ruby

DEPENDENCIES
  bundler (~> 1.3)
  minitest (~> 4.7.3)
  minitest-debugger
  minitest-given
  rack-test
  rake
  simplecov
  stork!
