PATH
  remote: .
  specs:
    stork (0.3.0.pre)
      highline
      mixlib-config
      rest-client
      sinatra
      sqlite3
      webrick

GEM
  remote: https://rubygems.org/
  specs:
    coveralls (0.8.22)
      json (>= 1.8, < 3)
      simplecov (~> 0.16.1)
      term-ansicolor (~> 1.3)
      thor (~> 0.19.4)
      tins (~> 1.6)
    docile (1.3.1)
    domain_name (0.5.20180417)
      unf (>= 0.0.5, < 1.0.0)
    given_core (3.8.0)
      sorcerer (>= 0.3.7)
    highline (2.0.1)
    http-cookie (1.0.3)
      domain_name (~> 0.5)
    json (2.2.0)
    mime-types (3.2.2)
      mime-types-data (~> 3.2015)
    mime-types-data (3.2018.0812)
    minitest (4.7.5)
    minitest-debugger (1.0.1)
      minitest (~> 4.0)
    minitest-given (3.8.0)
      given_core (= 3.8.0)
      minitest (> 4.3)
    mixlib-config (2.2.18)
      tomlrb
    mustermann (1.0.3)
    netrc (0.11.0)
    rack (2.0.6)
    rack-protection (2.0.5)
      rack
    rack-test (1.1.0)
      rack (>= 1.0, < 3)
    rake (13.0.1)
    rest-client (2.0.2)
      http-cookie (>= 1.0.2, < 2.0)
      mime-types (>= 1.16, < 4.0)
      netrc (~> 0.8)
    simplecov (0.16.1)
      docile (~> 1.1)
      json (>= 1.8, < 3)
      simplecov-html (~> 0.10.0)
    simplecov-html (0.10.2)
    sinatra (2.0.5)
      mustermann (~> 1.0)
      rack (~> 2.0)
      rack-protection (= 2.0.5)
      tilt (~> 2.0)
    sorcerer (1.0.2)
    sqlite3 (1.4.0)
    term-ansicolor (1.7.1)
      tins (~> 1.0)
    thor (0.19.4)
    tilt (2.0.9)
    tins (1.20.2)
    tomlrb (1.2.8)
    unf (0.1.4)
      unf_ext
    unf_ext (0.0.7.5)
    webrick (1.4.2)
    yard (0.9.18)

PLATFORMS
  ruby

DEPENDENCIES
  bundler (~> 1.3)
  coveralls
  minitest (~> 4.7.3)
  minitest-debugger
  minitest-given
  rack-test
  rake
  simplecov
  stork!
  yard

BUNDLED WITH
   1.17.3
